PATH
  remote: .
  specs:
    test_gem (0.1.0)

GEM
  remote: https://rubygems.org/
  specs:
    rake (13.0.6)

PLATFORMS
  x86_64-darwin-21

DEPENDENCIES
  rake (~> 13.0)
  test_gem!

BUNDLED WITH
   2.3.19
